GEM
  remote: https://rubygems.org/
  specs:
    inifile (2.0.2)
    peach (0.5.1)

PLATFORMS
  ruby

DEPENDENCIES
  inifile
  peach
